GEM
  remote: https://rubygems.org/
  specs:
    alsa-rawmidi (0.3.2)
      ffi (~> 1.0)
    diff-lcs (1.3)
    ffi (1.10.0)
    ffi-coremidi (0.4.1)
      ffi (~> 1.9, >= 1.9.6)
    micromidi (0.2.0)
      midi-eye (~> 0.3, >= 0.3.7)
      midi-fx (~> 0.4, >= 0.4)
      midi-message (~> 0.4, >= 0.4.4)
      unimidi (~> 0.4, >= 0.4.6)
    midi-eye (0.3.10)
      midi-message (~> 0.4, >= 0.4.4)
      midi-nibbler (~> 0.2, >= 0.2.2)
      unimidi (~> 0.4, >= 0.4.6)
    midi-fx (0.4.2)
      midi-message (~> 0.4, >= 0.4.4)
    midi-jruby (0.1.6)
    midi-message (0.4.9)
    midi-nibbler (0.2.4)
      midi-message (~> 0.4, >= 0.4.4)
    midi-winmm (0.1.10)
      ffi (>= 1.0)
    rspec (3.8.0)
      rspec-core (~> 3.8.0)
      rspec-expectations (~> 3.8.0)
      rspec-mocks (~> 3.8.0)
    rspec-core (3.8.0)
      rspec-support (~> 3.8.0)
    rspec-expectations (3.8.2)
      diff-lcs (>= 1.2.0, < 2.0)
      rspec-support (~> 3.8.0)
    rspec-mocks (3.8.0)
      diff-lcs (>= 1.2.0, < 2.0)
      rspec-support (~> 3.8.0)
    rspec-support (3.8.0)
    unimidi (0.4.8)
      alsa-rawmidi (~> 0.3, >= 0.3.1)
      ffi-coremidi (~> 0.3, >= 0.3.5)
      midi-jruby (~> 0.1, >= 0.1.4)
      midi-winmm (~> 0.1, >= 0.1.10)

PLATFORMS
  ruby

DEPENDENCIES
  micromidi
  rspec
  unimidi

BUNDLED WITH
   1.17.3
